PATH
  remote: ../../
  specs:
    cloud_factory (0.0.1)
      activesupport (~> 3.0.0)
      hashie (~> 1.0.0)
      httparty (~> 0.7.7)
      i18n
      json
      rest-client

GEM
  remote: http://rubygems.org/
  specs:
    activesupport (3.0.7)
    archive-tar-minitar (0.5.2)
    columnize (0.3.2)
    crack (0.1.8)
    haml (3.1.1)
    hashie (1.0.0)
    httparty (0.7.8)
      crack (= 0.1.8)
    i18n (0.6.0)
    json (1.5.1)
    linecache19 (0.5.12)
      ruby_core_source (>= 0.1.4)
    mime-types (1.16)
    rack (1.3.0)
    rest-client (1.6.3)
      mime-types (>= 1.16)
    ruby-debug-base19 (0.11.25)
      columnize (>= 0.3.1)
      linecache19 (>= 0.5.11)
      ruby_core_source (>= 0.1.4)
    ruby-debug19 (0.11.6)
      columnize (>= 0.3.1)
      linecache19 (>= 0.5.11)
      ruby-debug-base19 (>= 0.11.19)
    ruby_core_source (0.1.5)
      archive-tar-minitar (>= 0.5.2)
    shotgun (0.9)
      rack (>= 1.0)
    sinatra (1.2.6)
      rack (~> 1.1)
      tilt (>= 1.2.2, < 2.0)
    tilt (1.3.2)

PLATFORMS
  ruby

DEPENDENCIES
  cloud_factory!
  haml
  ruby-debug19
  shotgun
  sinatra
